GEM
  remote: https://rubygems.org/
  specs:
    digest (0.0.1)
    firebase (0.2.3)
      httpclient
      json
    httpclient (2.6.0.1)
    json (1.8.2)
    rack (1.6.0)
    rack-protection (1.5.3)
      rack
    sinatra (1.4.5)
      rack (~> 1.4)
      rack-protection (~> 1.4)
      tilt (~> 1.3, >= 1.3.4)
    tilt (1.4.1)

PLATFORMS
  ruby

DEPENDENCIES
  digest
  firebase
  json
  sinatra
